GEM
  remote: https://rubygems.org/
  specs:
    coderay (1.1.2)
    method_source (0.9.2)
    multi_json (1.15.0)
    mustermann (1.1.1)
      ruby2_keywords (~> 0.0.1)
    pry (0.12.2)
      coderay (~> 1.1.0)
      method_source (~> 0.9.0)
    rack (2.2.3)
    rack-protection (2.2.0)
      rack
    rake (13.0.0)
    ruby2_keywords (0.0.5)
    sinatra (2.2.0)
      mustermann (~> 1.0)
      rack (~> 2.2)
      rack-protection (= 2.2.0)
      tilt (~> 2.0)
    sinatra-contrib (2.2.0)
      multi_json
      mustermann (~> 1.0)
      rack-protection (= 2.2.0)
      sinatra (= 2.2.0)
      tilt (~> 2.0)
    sorbet-runtime (0.4.4878)
    sorbet-static (0.4.4878-universal-darwin-14)
    sorbet-static (0.4.4878-universal-darwin-15)
    sorbet-static (0.4.4878-universal-darwin-16)
    sorbet-static (0.4.4878-universal-darwin-17)
    sorbet-static (0.4.4878-universal-darwin-18)
    sorbet-static (0.4.4878-universal-darwin-19)
    sorbet-static (0.4.4878-x86_64-linux)
    tapioca (0.2.3)
      pry (>= 0.12.2)
      sorbet-runtime
      sorbet-static (~> 0.4.4471)
      thor (~> 0.20.3)
    thor (0.20.3)
    tilt (2.0.10)

PLATFORMS
  ruby

DEPENDENCIES
  rake
  sinatra (= 2.2.0)
  sinatra-contrib
  tapioca

BUNDLED WITH
   2.0.2
