GEM
  remote: https://rubygems.org/
  specs:
    coderay (1.1.2)
    method_source (0.9.2)
    multi_json (1.14.1)
    mustermann (2.0.2)
      ruby2_keywords (~> 0.0.1)
    pry (0.12.2)
      coderay (~> 1.1.0)
      method_source (~> 0.9.0)
    rack (2.2.4)
    rack-protection (2.2.3)
      rack
    rake (13.0.0)
    ruby2_keywords (0.0.5)
    sinatra (2.2.3)
      mustermann (~> 2.0)
      rack (~> 2.2)
      rack-protection (= 2.2.3)
      tilt (~> 2.0)
    sinatra-contrib (2.2.3)
      multi_json
      mustermann (~> 2.0)
      rack-protection (= 2.2.3)
      sinatra (= 2.2.3)
      tilt (~> 2.0)
    sorbet-runtime (0.4.4878)
    sorbet-static (0.4.5173-x86_64-linux)
    tapioca (0.2.3)
      pry (>= 0.12.2)
      sorbet-runtime
      sorbet-static (~> 0.4.4471)
      thor (~> 0.20.3)
    thor (0.20.3)
    tilt (2.0.11)

PLATFORMS
  x86_64-linux

DEPENDENCIES
  rake
  sinatra (= 2.2.3)
  sinatra-contrib
  tapioca

BUNDLED WITH
   2.0.2
