GEM
  remote: https://rubygems.org/
  specs:
    backports (3.15.0)
    coderay (1.1.2)
    method_source (0.9.2)
    multi_json (1.13.1)
    mustermann (1.0.3)
    pry (0.12.2)
      coderay (~> 1.1.0)
      method_source (~> 0.9.0)
    rack (2.0.7)
    rack-protection (2.0.6)
      rack
    sinatra (2.0.6)
      mustermann (~> 1.0)
      rack (~> 2.0)
      rack-protection (= 2.0.6)
      tilt (~> 2.0)
    sinatra-contrib (2.0.6)
      backports (>= 2.8.2)
      multi_json
      mustermann (~> 1.0)
      rack-protection (= 2.0.6)
      sinatra (= 2.0.6)
      tilt (~> 2.0)
    sorbet-runtime (0.4.4849)
    sorbet-static (0.4.4849-universal-darwin-14)
    tapioca (0.2.3)
      pry (>= 0.12.2)
      sorbet-runtime
      sorbet-static (~> 0.4.4471)
      thor (~> 0.20.3)
    thor (0.20.3)
    tilt (2.0.10)

PLATFORMS
  ruby

DEPENDENCIES
  sinatra (= 2.0.6)
  sinatra-contrib
  tapioca

BUNDLED WITH
   2.0.1
